GEM
  remote: http://rubygems.org/
  specs:
    builder (3.0.0)
    commonwatir (3.0.0)
    cucumber (1.0.1)
      builder (>= 2.1.2)
      diff-lcs (>= 1.1.2)
      gherkin (~> 2.4.5)
      json (>= 1.4.6)
      term-ansicolor (>= 1.0.5)
    diff-lcs (1.1.3)
    ffi (1.1.0-x86-mingw32)
    firewatir (1.9.4)
      commonwatir (>= 1.9.2)
    gherkin (2.4.21-x86-mingw32)
      json (>= 1.4.6)
    hoe (3.0.6)
      rake (~> 0.8)
    json (1.7.3)
    nokogiri (1.5.5-x86-mingw32)
    rake (0.9.2.2)
    rautomation (0.7.2)
    rspec (2.11.0)
      rspec-core (~> 2.11.0)
      rspec-expectations (~> 2.11.0)
      rspec-mocks (~> 2.11.0)
    rspec-core (2.11.1)
    rspec-expectations (2.11.1)
      diff-lcs (~> 1.1.3)
    rspec-mocks (2.11.1)
    s4t-utils (1.0.4)
      hoe (>= 1.3.0)
    term-ansicolor (1.0.7)
    user-choices (1.1.6.1)
      builder (>= 2.1.2)
      s4t-utils (>= 1.0.3)
      xml-simple (>= 1.0.11)
    watir (3.0.0)
      commonwatir (= 3.0.0)
      watir-classic (~> 3)
    watir-classic (3.0.0)
      ffi (~> 1.0)
      nokogiri
      rautomation (~> 0.7.2)
      user-choices
      win32-process (>= 0.5.5)
      windows-pr (>= 0.6.6)
    win32-api (1.4.8-x86-mingw32)
    win32-process (0.6.6)
      windows-pr (>= 1.2.2)
    windows-api (0.4.2)
      win32-api (>= 1.4.5)
    windows-pr (1.2.2)
      win32-api (>= 1.4.5)
      windows-api (>= 0.3.0)
    xml-simple (1.1.1)

PLATFORMS
  x86-mingw32

DEPENDENCIES
  cucumber (= 1.0.1)
  firewatir (= 1.9.4)
  rake
  rspec (> 0)
  watir (= 3.0.0)
